GEM
  remote: http://rubygems.org/
  specs:
    daemons (1.1.2)
    eventmachine (0.12.10)
    minitest (2.0.2)
    rack (1.2.2)
    sinatra (1.2.2)
      rack (~> 1.1)
      tilt (>= 1.2.2, < 2.0)
    thin (1.2.11)
      daemons (>= 1.0.9)
      eventmachine (>= 0.12.6)
      rack (>= 1.0.0)
    tilt (1.2.2)

PLATFORMS
  ruby

DEPENDENCIES
  minitest
  rack
  sinatra
  thin
